ObjectType = Image
NDims = 3
BinaryData = True
BinaryDataByteOrderMSB = False
CompressedData = False
TransformMatrix = 1 0 0 0 1 0 0 0 1
Offset = -14.9414 -14.9414 0
CenterOfRotation = 0 0 0
ElementSpacing = 0.1171875 0.1171875 5
DimSize = 256 256 1
AnatomicalOrientation = ???
ElementType = MET_FLOAT
ElementDataFile = MyOutputFileBase-Dose.raw
