ObjectType = Image
NDims = 3
BinaryData = True
BinaryDataByteOrderMSB = False
CompressedData = False
TransformMatrix = 1 0 0 0 1 0 0 0 1
Offset = -12.4512 -12.4512 0
CenterOfRotation = 0 0 0
ElementSpacing = 0.09765625 0.09765625 5
DimSize = 256 256 1
AnatomicalOrientation = ???
ElementType = MET_FLOAT
ElementDataFile = MyOutputFile51-Dose.raw
