ObjectType = Image
NDims = 3
BinaryData = True
BinaryDataByteOrderMSB = False
CompressedData = False
TransformMatrix = 1 0 0 0 1 0 0 0 1
Offset = -24.9512 -24.9512 0
CenterOfRotation = 0 0 0
ElementSpacing = 0.09765625 0.09765625 1
DimSize = 512 512 1
AnatomicalOrientation = ???
ElementType = MET_FLOAT
ElementDataFile = output-Dosis-Dose.raw
